GEM
  remote: http://rubygems.org/
  specs:
    backports (3.3.1)
    eventmachine (1.0.4)
    rack (1.6.13)
    rack-protection (1.5.5)
      rack
    rack-test (0.6.2)
      rack (>= 1.0)
    rdiscount (2.1.6)
    redcarpet (2.3.0)
    shotgun (0.9)
      rack (>= 1.0)
    sinatra (1.4.3)
      rack (~> 1.4)
      rack-protection (~> 1.4)
      tilt (~> 1.3, >= 1.3.4)
    sinatra-contrib (1.4.0)
      backports (>= 2.0)
      eventmachine
      rack-protection
      rack-test
      sinatra (~> 1.4.2)
      tilt (~> 1.3)
    tilt (1.4.1)
    titlecase (0.1.1)

PLATFORMS
  ruby

DEPENDENCIES
  rdiscount
  redcarpet (= 2.3.0)
  shotgun
  sinatra
  sinatra-contrib
  titlecase
